PATH
  remote: .
  specs:
    spook_and_puff_money (0.5)

GEM
  remote: https://rubygems.org/
  specs:
    diff-lcs (1.2.4)
    redcarpet (2.2.2)
    rspec (2.13.0)
      rspec-core (~> 2.13.0)
      rspec-expectations (~> 2.13.0)
      rspec-mocks (~> 2.13.0)
    rspec-core (2.13.1)
    rspec-expectations (2.13.0)
      diff-lcs (>= 1.1.3, < 2.0)
    rspec-mocks (2.13.1)
    yard (0.8.6.1)

PLATFORMS
  ruby

DEPENDENCIES
  redcarpet (= 2.2.2)
  rspec (= 2.13.0)
  spook_and_puff_money!
  yard (= 0.8.6.1)
